GEM
  remote: https://rubygems.org/
  specs:
    rake (12.3.3)
    sass (3.4.20)

PLATFORMS
  ruby

DEPENDENCIES
  rake (~> 12.3)
  sass (~> 3.4)

BUNDLED WITH
   1.11.2
