GEM
  remote: https://rubygems.org/
  specs:
    rake (10.4.2)
    sass (3.4.20)

PLATFORMS
  ruby

DEPENDENCIES
  rake (~> 10.4)
  sass (~> 3.4)

BUNDLED WITH
   1.11.2
